GEM
  remote: http://rubygems.org/
  specs:
    builder (3.2.0)
    diff-lcs (1.2.1)
    git (1.2.5)
    jeweler (1.8.4)
      bundler (~> 1.0)
      git (>= 1.2.5)
      rake
      rdoc
    json (1.7.7)
    nokogiri (1.5.8)
    rake (10.0.3)
    rdoc (4.0.0)
      json (~> 1.4)
    rr (1.0.4)
    rspec (2.13.0)
      rspec-core (~> 2.13.0)
      rspec-expectations (~> 2.13.0)
      rspec-mocks (~> 2.13.0)
    rspec-core (2.13.1)
    rspec-expectations (2.13.0)
      diff-lcs (>= 1.1.3, < 2.0)
    rspec-mocks (2.13.0)

PLATFORMS
  ruby

DEPENDENCIES
  builder (~> 3.2.0)
  bundler (~> 1.3.2)
  jeweler (~> 1.8.4)
  nokogiri (~> 1.5.8)
  rake (~> 10.0.3)
  rdoc (~> 4.0.0)
  rr (>= 1.0.4)
  rspec (~> 2.13.0)
